GEM
  remote: https://rubygems.org/
  specs:
    clipboard (1.1.2)
    diff-lcs (1.3)
    exists (1.0.0)
      null_question (~> 1.0)
    null_question (1.0.0)
    paint (2.0.1)
    pbkdf2-ruby (0.2.1)
    pws (1.0.7)
      clipboard (~> 1.1.1)
      paint (>= 0.8.7)
      pbkdf2-ruby
    rspec (3.8.0)
      rspec-core (~> 3.8.0)
      rspec-expectations (~> 3.8.0)
      rspec-mocks (~> 3.8.0)
    rspec-core (3.8.0)
      rspec-support (~> 3.8.0)
    rspec-expectations (3.8.1)
      diff-lcs (>= 1.2.0, < 2.0)
      rspec-support (~> 3.8.0)
    rspec-mocks (3.8.0)
      diff-lcs (>= 1.2.0, < 2.0)
      rspec-support (~> 3.8.0)
    rspec-support (3.8.0)

PLATFORMS
  ruby

DEPENDENCIES
  exists
  null_question
  pws
  rspec

BUNDLED WITH
   1.16.1
